GEM
  remote: https://rubygems.org/
  specs:
    actionmailer (4.2.7.1)
      actionpack (= 4.2.7.1)
      actionview (= 4.2.7.1)
      activejob (= 4.2.7.1)
      mail (~> 2.5, >= 2.5.4)
      rails-dom-testing (~> 1.0, >= 1.0.5)
    actionpack (4.2.7.1)
      actionview (= 4.2.7.1)
      activesupport (= 4.2.7.1)
      rack (~> 1.6)
      rack-test (~> 0.6.2)
      rails-dom-testing (~> 1.0, >= 1.0.5)
      rails-html-sanitizer (~> 1.0, >= 1.0.2)
    actionview (4.2.7.1)
      activesupport (= 4.2.7.1)
      builder (~> 3.1)
      erubis (~> 2.7.0)
      rails-dom-testing (~> 1.0, >= 1.0.5)
      rails-html-sanitizer (~> 1.0, >= 1.0.2)
    activejob (4.2.7.1)
      activesupport (= 4.2.7.1)
      globalid (>= 0.3.0)
    activemodel (4.2.7.1)
      activesupport (= 4.2.7.1)
      builder (~> 3.1)
    activerecord (4.2.7.1)
      activemodel (= 4.2.7.1)
      activesupport (= 4.2.7.1)
      arel (~> 6.0)
    activesupport (4.2.7.1)
      i18n (~> 0.7)
      json (~> 1.7, >= 1.7.7)
      minitest (~> 5.1)
      thread_safe (~> 0.3, >= 0.3.4)
      tzinfo (~> 1.1)
    addressable (2.4.0)
    arel (6.0.3)
    autoprefixer-rails (6.5.1.1)
      execjs
    awesome_print (1.7.0)
    bcrypt (3.1.11)
    bootstrap-sass (3.3.7)
      autoprefixer-rails (>= 5.2.1)
      sass (>= 3.3.4)
    bootswatch-rails (3.3.5)
      railties (>= 3.1)
    builder (3.2.2)
    bullet (5.4.2)
      activesupport (>= 3.0.0)
      uniform_notifier (~> 1.10.0)
    byebug (9.0.6)
    callsite (0.0.11)
    choice (0.2.0)
    clipboard-rails (1.5.15)
    coffee-rails (4.2.1)
      coffee-script (>= 2.2.0)
      railties (>= 4.0.0, < 5.2.x)
    coffee-script (2.4.1)
      coffee-script-source
      execjs
    coffee-script-source (1.10.0)
    colorize (0.8.1)
    concurrent-ruby (1.0.2)
    cookies_eu (1.6.0)
      js_cookie_rails
    debug_inspector (0.0.2)
    devise (4.2.0)
      bcrypt (~> 3.0)
      orm_adapter (~> 0.1)
      railties (>= 4.1.0, < 5.1)
      responders
      warden (~> 1.2.3)
    devise_invitable (1.7.0)
      actionmailer (>= 4.0.0)
      devise (>= 4.0.0)
    domain_name (0.5.20161021)
      unf (>= 0.0.5, < 1.0.0)
    erubis (2.7.0)
    execjs (2.7.0)
    figaro (1.1.1)
      thor (~> 0.14)
    git-version-bump (0.15.1)
    globalid (0.3.7)
      activesupport (>= 4.1.0)
    http-cookie (1.0.3)
      domain_name (~> 0.5)
    i18n (0.7.0)
    jbuilder (2.6.0)
      activesupport (>= 3.0.0, < 5.1)
      multi_json (~> 1.2)
    jquery-rails (4.2.1)
      rails-dom-testing (>= 1, < 3)
      railties (>= 4.2.0)
      thor (>= 0.14, < 2.0)
    js_cookie_rails (2.1.3)
      railties (>= 3.1)
    json (1.8.3)
    launchy (2.4.3)
      addressable (~> 2.3)
    letter_opener (1.4.1)
      launchy (~> 2.2)
    letter_opener_web (1.3.0)
      actionmailer (>= 3.2)
      letter_opener (~> 1.0)
      railties (>= 3.2)
    libv8 (3.16.14.15)
    loofah (2.0.3)
      nokogiri (>= 1.5.9)
    mail (2.6.4)
      mime-types (>= 1.16, < 4)
    meta_request (0.4.0)
      callsite (~> 0.0, >= 0.0.11)
      rack-contrib (~> 1.1)
      railties (>= 3.0.0, < 5.1.0)
    mime-types (3.1)
      mime-types-data (~> 3.2015)
    mime-types-data (3.2016.0521)
    mini_portile2 (2.1.0)
    minitest (5.9.1)
    multi_json (1.12.1)
    netrc (0.11.0)
    nokogiri (1.6.8.1)
      mini_portile2 (~> 2.1.0)
    orm_adapter (0.5.0)
    puma (3.6.0)
    quiet_assets (1.1.0)
      railties (>= 3.1, < 5.0)
    rack (1.6.4)
    rack-contrib (1.4.0)
      git-version-bump (~> 0.15)
      rack (~> 1.4)
    rack-test (0.6.3)
      rack (>= 1.0)
    rails (4.2.7.1)
      actionmailer (= 4.2.7.1)
      actionpack (= 4.2.7.1)
      actionview (= 4.2.7.1)
      activejob (= 4.2.7.1)
      activemodel (= 4.2.7.1)
      activerecord (= 4.2.7.1)
      activesupport (= 4.2.7.1)
      bundler (>= 1.3.0, < 2.0)
      railties (= 4.2.7.1)
      sprockets-rails
    rails-deprecated_sanitizer (1.0.3)
      activesupport (>= 4.2.0.alpha)
    rails-dom-testing (1.0.7)
      activesupport (>= 4.2.0.beta, < 5.0)
      nokogiri (~> 1.6.0)
      rails-deprecated_sanitizer (>= 1.0.1)
    rails-erd (1.5.0)
      activerecord (>= 3.2)
      activesupport (>= 3.2)
      choice (~> 0.2.0)
      ruby-graphviz (~> 1.2)
    rails-html-sanitizer (1.0.3)
      loofah (~> 2.0)
    rails_real_favicon (0.0.5)
      json (~> 1.7)
      rails (>= 3.1)
      rest-client (~> 2.0)
      rubyzip (~> 1)
    railties (4.2.7.1)
      actionpack (= 4.2.7.1)
      activesupport (= 4.2.7.1)
      rake (>= 0.8.7)
      thor (>= 0.18.1, < 2.0)
    rake (11.3.0)
    rdoc (4.2.2)
      json (~> 1.4)
    ref (2.0.0)
    responders (2.3.0)
      railties (>= 4.2.0, < 5.1)
    rest-client (2.0.0)
      http-cookie (>= 1.0.2, < 2.0)
      mime-types (>= 1.16, < 4.0)
      netrc (~> 0.8)
    ruby-graphviz (1.2.2)
    rubyzip (1.2.0)
    sass (3.4.22)
    sass-rails (5.0.6)
      railties (>= 4.0.0, < 6)
      sass (~> 3.1)
      sprockets (>= 2.8, < 4.0)
      sprockets-rails (>= 2.0, < 4.0)
      tilt (>= 1.1, < 3)
    sdoc (0.4.2)
      json (~> 1.7, >= 1.7.7)
      rdoc (~> 4.0)
    seed_dump (3.2.4)
      activerecord (>= 4)
      activesupport (>= 4)
    spring (2.0.0)
      activesupport (>= 4.2)
    sprockets (3.7.0)
      concurrent-ruby (~> 1.0)
      rack (> 1, < 3)
    sprockets-rails (3.2.0)
      actionpack (>= 4.0)
      activesupport (>= 4.0)
      sprockets (>= 3.0.0)
    sqlite3 (1.3.12)
    therubyracer (0.12.2)
      libv8 (~> 3.16.14.0)
      ref
    thor (0.19.1)
    thread_safe (0.3.5)
    tilt (2.0.5)
    turbolinks (5.0.1)
      turbolinks-source (~> 5)
    turbolinks-source (5.0.0)
    tzinfo (1.2.2)
      thread_safe (~> 0.1)
    uglifier (3.0.3)
      execjs (>= 0.3.0, < 3)
    unf (0.1.4)
      unf_ext
    unf_ext (0.0.7.2)
    uniform_notifier (1.10.0)
    warden (1.2.6)
      rack (>= 1.0)
    web-console (3.3.0)
      activemodel (>= 4.2)
      debug_inspector
      railties (>= 4.2)

PLATFORMS
  ruby

DEPENDENCIES
  autoprefixer-rails
  awesome_print
  bootstrap-sass
  bootswatch-rails
  bullet
  byebug
  clipboard-rails
  coffee-rails
  colorize
  cookies_eu
  devise
  devise_invitable
  figaro
  jbuilder
  jquery-rails
  letter_opener
  letter_opener_web
  meta_request
  puma
  quiet_assets
  rails
  rails-erd
  rails_real_favicon
  sass-rails
  sdoc
  seed_dump
  spring
  sqlite3
  therubyracer
  turbolinks
  tzinfo-data
  uglifier
  web-console

BUNDLED WITH
   1.13.5
